GEM
  remote: http://rubygems.org/
  specs:
    aruba (0.2.1)
    autotest (4.3.2)
    builder (2.1.2)
    cucumber (0.9.0)
      builder (~> 2.1.2)
      diff-lcs (~> 1.1.2)
      gherkin (~> 2.2.2)
      json (~> 1.4.6)
      term-ansicolor (~> 1.0.5)
    diff-lcs (1.1.2)
    flexmock (0.8.7)
    gherkin (2.2.3)
      json (~> 1.4.6)
      term-ansicolor (~> 1.0.5)
      trollop (~> 1.16.2)
    json (1.4.6)
    mocha (0.9.8)
      rake
    rake (0.8.7)
    rcov (0.9.9)
    rr (1.0.0)
    spork (0.8.4)
    term-ansicolor (1.0.5)
    thor (0.14.1)
    trollop (1.16.2)

PLATFORMS
  ruby

DEPENDENCIES
  aruba
  autotest
  cucumber (>= 0.6.2)
  flexmock
  mocha
  rcov (>= 0.9.7.1)
  rr
  spork
  thor (>= 0.13.3)
